GEM
  remote: http://rubygems.org/
  specs:
    awesome_print (1.7.0)
    diff-lcs (1.3)
    game_ecs (0.1.0)
    gosu (1.4.6)
    rspec (3.9.0)
      rspec-core (~> 3.9.0)
      rspec-expectations (~> 3.9.0)
      rspec-mocks (~> 3.9.0)
    rspec-core (3.9.1)
      rspec-support (~> 3.9.1)
    rspec-expectations (3.9.1)
      diff-lcs (>= 1.2.0, < 2.0)
      rspec-support (~> 3.9.0)
    rspec-mocks (3.9.1)
      diff-lcs (>= 1.2.0, < 2.0)
      rspec-support (~> 3.9.0)
    rspec-support (3.9.2)

PLATFORMS
  ruby
  x64-mingw32

DEPENDENCIES
  awesome_print
  game_ecs
  gosu (= 1.4.6)
  rspec

BUNDLED WITH
   2.4.10
